GEM
  remote: https://rubygems.org/
  specs:
    faraday (0.9.2)
      multipart-post (>= 1.2, < 3)
    htmlentities (4.3.4)
    minitest (5.11.3)
    multi_json (1.15.0)
    multipart-post (2.1.1)
    mustermann (1.1.1)
      ruby2_keywords (~> 0.0.1)
    pg (1.2.3)
    rack (2.2.3)
    rack-protection (2.0.8.1)
      rack
    rack-test (1.1.0)
      rack (>= 1.0, < 3)
    rake (10.1.1)
    ruby2_keywords (0.0.2)
    sequel (5.38.0)
    shack (0.0.4)
    simple_oauth (0.3.1)
    sinatra (2.0.8.1)
      mustermann (~> 1.0)
      rack (~> 2.0)
      rack-protection (= 2.0.8.1)
      tilt (~> 2.0)
    sqlite3 (1.4.2)
    tilt (2.0.10)
    twitter (4.8.1)
      faraday (~> 0.8, < 0.10)
      multi_json (~> 1.0)
      simple_oauth (~> 0.2)

PLATFORMS
  ruby

DEPENDENCIES
  htmlentities (~> 4.3.1)
  minitest (~> 5.11.3)
  pg
  rack-test (~> 1.1.0)
  rake (~> 10.1.0)
  sequel
  shack (~> 0.0.4)
  sinatra (~> 2.0.5)
  sqlite3 (~> 1.4.0)
  twitter (~> 4.8.1)

RUBY VERSION
   ruby 2.7.1p83

BUNDLED WITH
   2.1.4
