GEM
  remote: https://rubygems.org/
  specs:
    htmlentities (4.3.4)
    mini_portile2 (2.8.5)
    minitest (5.11.3)
    minitest-hooks (1.5.1)
      minitest (> 5.3)
    mustermann (1.1.1)
      ruby2_keywords (~> 0.0.1)
    nio4r (2.5.9)
    puma (6.4.0)
      nio4r (~> 2.0)
    rack (2.2.3)
    rack-protection (2.1.0)
      rack
    rack-test (1.1.0)
      rack (>= 1.0, < 3)
    rake (13.0.1)
    ruby2_keywords (0.0.2)
    sequel (5.38.0)
    shack (0.0.4)
    sinatra (2.1.0)
      mustermann (~> 1.0)
      rack (~> 2.2)
      rack-protection (= 2.1.0)
      tilt (~> 2.0)
    sqlite3 (1.6.8)
      mini_portile2 (~> 2.8.0)
    sqlite3 (1.6.8-aarch64-linux)
    sqlite3 (1.6.8-x86_64-linux)
    tilt (2.0.10)

PLATFORMS
  aarch64-linux-musl
  ruby
  x86_64-linux

DEPENDENCIES
  htmlentities (~> 4.3.1)
  minitest (~> 5.11.3)
  minitest-hooks (~> 1.5.1)
  puma (~> 6.4.0)
  rack-test (~> 1.1.0)
  rake (~> 13.0.1)
  sequel
  shack (~> 0.0.4)
  sinatra (~> 2.1.0)
  sqlite3 (~> 1.6.3)

RUBY VERSION
   ruby 3.1.2p20

BUNDLED WITH
   2.1.4
