GEM
  remote: https://rubygems.org/
  specs:
    faraday (0.9.2)
      multipart-post (>= 1.2, < 3)
    htmlentities (4.3.4)
    minitest (5.11.3)
    multi_json (1.15.0)
    multipart-post (2.1.1)
    mustermann (2.0.2)
      ruby2_keywords (~> 0.0.1)
    nio4r (2.5.4)
    pg (1.2.3)
    puma (5.0.4)
      nio4r (~> 2.0)
    rack (2.2.4)
    rack-protection (2.2.3)
      rack
    rack-test (1.1.0)
      rack (>= 1.0, < 3)
    rake (13.0.1)
    ruby2_keywords (0.0.5)
    sequel (5.38.0)
    shack (0.0.4)
    simple_oauth (0.3.1)
    sinatra (2.2.3)
      mustermann (~> 2.0)
      rack (~> 2.2)
      rack-protection (= 2.2.3)
      tilt (~> 2.0)
    sqlite3 (1.4.2)
    tilt (2.0.11)
    twitter (4.8.1)
      faraday (~> 0.8, < 0.10)
      multi_json (~> 1.0)
      simple_oauth (~> 0.2)

PLATFORMS
  ruby

DEPENDENCIES
  htmlentities (~> 4.3.1)
  minitest (~> 5.11.3)
  pg
  puma (~> 5.0.4)
  rack-test (~> 1.1.0)
  rake (~> 13.0.1)
  sequel
  shack (~> 0.0.4)
  sinatra (~> 2.2.3)
  sqlite3 (~> 1.4.0)
  twitter (~> 4.8.1)

RUBY VERSION
   ruby 2.7.2p137

BUNDLED WITH
   2.1.4
