GEM
  remote: https://rubygems.org/
  specs:
    addressable (2.2.6)
    faraday (0.8.8)
      multipart-post (~> 1.2.0)
    heroku (2.4.0)
      launchy (>= 0.3.2)
      rest-client (~> 1.6.1)
      term-ansicolor (~> 1.0.5)
    launchy (2.0.5)
      addressable (~> 2.2.6)
    mime-types (1.16)
    multi_json (1.8.0)
    multipart-post (1.2.0)
    pg (0.14.1)
    rack (1.3.2)
    rake (10.1.0)
    rest-client (1.6.3)
      mime-types (>= 1.16)
    sequel (3.43.0)
    shotgun (0.9)
      rack (>= 1.0)
    simple_oauth (0.2.0)
    sinatra (1.2.6)
      rack (~> 1.1)
      tilt (>= 1.2.2, < 2.0)
    sqlite3 (1.3.7)
    term-ansicolor (1.0.6)
    tilt (1.3.2)
    twitter (4.8.1)
      faraday (~> 0.8, < 0.10)
      multi_json (~> 1.0)
      simple_oauth (~> 0.2)

PLATFORMS
  ruby

DEPENDENCIES
  heroku
  pg
  rake (~> 10.1.0)
  sequel
  shotgun
  sinatra
  sqlite3 (~> 1.3.7)
  twitter (~> 4.8.1)
